GEM
  remote: http://rubygems.org/
  specs:
    cool.io (1.0.0)
      iobuffer (>= 0.1.3)
    fluentd (0.10.7)
      cool.io (~> 1.0.0)
      http_parser.rb (~> 0.5.1)
      json (>= 1.4.3)
      msgpack (~> 0.4.4)
      yajl-ruby (~> 1.0.0)
    git (1.2.5)
    http_parser.rb (0.5.3)
    iobuffer (1.0.0)
    jeweler (1.6.4)
      bundler (~> 1.0)
      git (>= 1.2.5)
      rake
    json (1.6.2)
    msgpack (0.4.6)
    rake (0.9.2.2)
    rcov (0.9.11)
    shoulda (2.11.3)
    yajl-ruby (1.0.0)

PLATFORMS
  ruby

DEPENDENCIES
  bundler (~> 1.0.0)
  fluentd
  jeweler (~> 1.6.4)
  rcov
  shoulda
